GEM
  remote: http://rubygems.org/
  specs:
    bson (1.8.2)
    bson_ext (1.8.2)
      bson (~> 1.8.2)
    daemons (1.1.9)
    dotenv (0.7.0)
    faraday (0.8.7)
      multipart-post (~> 1.1)
    foreman (0.63.0)
      dotenv (>= 0.7)
      thor (>= 0.13.6)
    json (1.8.0)
    mongo (1.8.2)
      bson (~> 1.8.2)
    multipart-post (1.2.0)
    newrelic_plugin (1.0.2)
      faraday (>= 0.8.1)
      json
    thor (0.18.1)

PLATFORMS
  ruby

DEPENDENCIES
  bson_ext
  daemons
  foreman
  mongo
  newrelic_plugin
